GEM
  remote: http://rubygems.org/
  specs:
    birch (0.0.1)
    file-tail (1.0.10)
      tins (~> 0.4.3)
    haml (3.1.6)
    nokogiri (1.5.5)
    progressbar (0.11.0)
    rack (1.4.1)
    rack-protection (1.2.0)
      rack
    ruby2ruby (1.3.1)
      ruby_parser (~> 2.0)
      sexp_processor (~> 3.0)
    ruby_parser (2.3.1)
      sexp_processor (~> 3.0)
    rubyzip (0.9.9)
    schiphol (0.9)
      progressbar (>= 0.10.0)
      rubyzip (>= 0.9.6.1)
    sexp_processor (3.2.0)
    sinatra (1.3.2)
      rack (~> 1.3, >= 1.3.6)
      rack-protection (~> 1.2)
      tilt (~> 1.3, >= 1.3.3)
    sourcify (0.4.2)
      file-tail (>= 1.0.5)
      ruby2ruby (>= 1.2.5)
      sexp_processor (>= 3.0.5)
    tilt (1.3.3)
    tins (0.4.3)
    treat (1.1.1)
      birch
      schiphol
      sourcify

PLATFORMS
  ruby

DEPENDENCIES
  haml
  nokogiri
  sinatra
  treat
